GEM
  remote: https://rubygems.org/
  specs:
    activemodel (3.2.17)
      activesupport (= 3.2.17)
      builder (~> 3.0.0)
    activesupport (3.2.17)
      i18n (~> 0.6, >= 0.6.4)
      multi_json (~> 1.0)
    builder (3.0.4)
    camping (2.1.532)
      mab (>= 0.0.3)
      rack (>= 1.0)
    i18n (0.6.9)
    mab (0.0.3)
    mongoid (3.1.6)
      activemodel (~> 3.2)
      moped (~> 1.4)
      origin (~> 1.0)
      tzinfo (~> 0.3.29)
    moped (1.5.2)
    multi_json (1.9.2)
    origin (1.1.0)
    rack (1.5.2)
    tzinfo (0.3.39)

PLATFORMS
  ruby

DEPENDENCIES
  camping
  mongoid
